GEM
  remote: https://rubygems.org/
  specs:
    Ascii85 (1.1.0)
    addressable (2.8.1)
      public_suffix (>= 2.0.2, < 6.0)
    afm (0.2.2)
    asciidoctor (2.0.17)
    asciidoctor-diagram (2.2.3)
      asciidoctor (>= 1.5.7, < 3.x)
      asciidoctor-diagram-ditaamini (~> 1.0)
      asciidoctor-diagram-plantuml (~> 1.2021)
      rexml
    asciidoctor-diagram-ditaamini (1.0.3)
    asciidoctor-diagram-plantuml (1.2022.5)
    asciidoctor-kroki (0.7.0)
      asciidoctor (~> 2.0)
    asciidoctor-pdf (2.3.2)
      asciidoctor (~> 2.0)
      concurrent-ruby (~> 1.1)
      matrix (~> 0.4)
      prawn (~> 2.4.0)
      prawn-icon (~> 3.0.0)
      prawn-svg (~> 0.32.0)
      prawn-table (~> 0.2.0)
      prawn-templates (~> 0.1.0)
      treetop (~> 1.6.0)
    asciidoctor-revealjs (5.0.0.rc1)
      asciidoctor (>= 2.0.0, < 3.0.0)
    concurrent-ruby (1.1.10)
    css_parser (1.12.0)
      addressable
    hashery (2.1.2)
    matrix (0.4.2)
    pdf-core (0.9.0)
    pdf-reader (2.10.0)
      Ascii85 (~> 1.0)
      afm (~> 0.2.1)
      hashery (~> 2.0)
      ruby-rc4
      ttfunk
    polyglot (0.3.5)
    prawn (2.4.0)
      pdf-core (~> 0.9.0)
      ttfunk (~> 1.7)
    prawn-icon (3.0.0)
      prawn (>= 1.1.0, < 3.0.0)
    prawn-svg (0.32.0)
      css_parser (~> 1.6)
      prawn (>= 0.11.1, < 3)
      rexml (~> 3.2)
    prawn-table (0.2.2)
      prawn (>= 1.3.0, < 3.0.0)
    prawn-templates (0.1.2)
      pdf-reader (~> 2.0)
      prawn (~> 2.2)
    public_suffix (5.0.0)
    rexml (3.2.5)
    ruby-rc4 (0.1.5)
    treetop (1.6.11)
      polyglot (~> 0.3)
    ttfunk (1.7.0)

PLATFORMS
  universal-darwin-21
  x86_64-linux

DEPENDENCIES
  asciidoctor
  asciidoctor-diagram
  asciidoctor-kroki
  asciidoctor-pdf
  asciidoctor-revealjs (~> 5.0.0.rc1)

RUBY VERSION
   ruby 2.6.8p205

BUNDLED WITH
   2.3.10
